PATH
  remote: .
  specs:
    tumblr-rb (2.0.0)
      launchy (~> 2.1.2)
      sinatra (~> 1.3.2)
      thor (~> 0.16.0)
      weary (~> 1.1.0)

GEM
  remote: http://rubygems.org/
  specs:
    addressable (2.3.2)
    crack (0.3.2)
    diff-lcs (1.1.3)
    hpricot (0.8.6)
    launchy (2.1.2)
      addressable (~> 2.3)
    multi_json (1.3.7)
    mustache (0.99.4)
    promise (0.3.0)
    rack (1.4.1)
    rack-protection (1.3.2)
      rack
    rack-test (0.6.2)
      rack (>= 1.0)
    rake (0.9.2.2)
    rdiscount (1.6.8)
    ronn (0.7.3)
      hpricot (>= 0.8.2)
      mustache (>= 0.7.0)
      rdiscount (>= 1.5.8)
    rspec (2.11.0)
      rspec-core (~> 2.11.0)
      rspec-expectations (~> 2.11.0)
      rspec-mocks (~> 2.11.0)
    rspec-core (2.11.1)
    rspec-expectations (2.11.3)
      diff-lcs (~> 1.1.3)
    rspec-mocks (2.11.3)
    simple_oauth (0.1.9)
    sinatra (1.3.4)
      rack (~> 1.4)
      rack-protection (~> 1.3)
      tilt (~> 1.3, >= 1.3.3)
    thor (0.16.0)
    tilt (1.3.3)
    weary (1.1.2)
      addressable (~> 2.3.2)
      multi_json (~> 1.3.0)
      promise (~> 0.3.0)
      rack (~> 1.4.0)
      simple_oauth (~> 0.1.5)
    webmock (1.9.0)
      addressable (>= 2.2.7)
      crack (>= 0.1.7)

PLATFORMS
  ruby

DEPENDENCIES
  jruby-openssl
  rack-test (~> 0.6.1)
  rake (~> 0.9.2)
  ronn
  rspec (~> 2.11.0)
  tumblr-rb!
  webmock (~> 1.9.0)
